GEM
  specs:

PLATFORMS
  ruby

DEPENDENCIES

RUBY VERSION
   ruby 2.6.0p-1

BUNDLED WITH
   1.16.2
